GEM
  remote: http://rubygems.org/
  specs:
    mocha (0.9.8)
      rake
    rake (0.8.7)
    xml-simple (1.0.12)

PLATFORMS
  ruby

DEPENDENCIES
  mocha
  xml-simple
